PATH
  remote: .
  specs:
    box_dividers (0.9.0)
      prawn (~> 2.1)

GEM
  remote: https://rubygems.org/
  specs:
    diff-lcs (1.3)
    pdf-core (0.7.0)
    prawn (2.2.0)
      pdf-core (~> 0.7.0)
      ttfunk (~> 1.5)
    rake (10.5.0)
    rspec (3.5.0)
      rspec-core (~> 3.5.0)
      rspec-expectations (~> 3.5.0)
      rspec-mocks (~> 3.5.0)
    rspec-core (3.5.4)
      rspec-support (~> 3.5.0)
    rspec-expectations (3.5.0)
      diff-lcs (>= 1.2.0, < 2.0)
      rspec-support (~> 3.5.0)
    rspec-mocks (3.5.0)
      diff-lcs (>= 1.2.0, < 2.0)
      rspec-support (~> 3.5.0)
    rspec-support (3.5.0)
    ttfunk (1.5.0)

PLATFORMS
  ruby

DEPENDENCIES
  box_dividers!
  bundler (~> 1.14)
  rake (~> 10.0)
  rspec (~> 3.0)

BUNDLED WITH
   1.15.1
